GEM
  remote: https://rubygems.org/
  specs:
    byebug (9.0.5)
    sqlite3 (1.3.11)

PLATFORMS
  ruby

DEPENDENCIES
  byebug
  sqlite3

BUNDLED WITH
   1.12.5
